GEM
  remote: https://rubygems.org/
  specs:
    colorize (0.7.7)
    rake (12.0.0)

PLATFORMS
  ruby

DEPENDENCIES
  colorize
  rake

BUNDLED WITH
   1.14.3
